GEM
  remote: https://rubygems.org/
  remote: https://gem.fury.io/fairfaxblue/
  specs:
    activesupport (6.0.0)
      concurrent-ruby (~> 1.0, >= 1.0.2)
      i18n (>= 0.7, < 2)
      minitest (~> 5.1)
      tzinfo (~> 1.1)
      zeitwerk (~> 2.1, >= 2.1.8)
    addressable (2.5.1)
      public_suffix (~> 2.0, >= 2.0.2)
    attribute_struct (0.4.2)
      bogo (>= 0.1.31, < 0.3.0)
    aws-eventstream (1.0.3)
    aws-partitions (1.221.0)
    aws-sdk-acm (1.25.0)
      aws-sdk-core (~> 3, >= 3.61.1)
      aws-sigv4 (~> 1.1)
    aws-sdk-core (3.68.1)
      aws-eventstream (~> 1.0, >= 1.0.2)
      aws-partitions (~> 1.0)
      aws-sigv4 (~> 1.1)
      jmespath (~> 1.0)
    aws-sdk-ec2 (1.111.0)
      aws-sdk-core (~> 3, >= 3.61.1)
      aws-sigv4 (~> 1.1)
    aws-sigv4 (1.1.0)
      aws-eventstream (~> 1.0, >= 1.0.2)
    bogo (0.2.10)
      hashie
      multi_json
    bogo-cli (0.2.12)
      bogo (>= 0.1.6, < 0.6)
      bogo-config (>= 0.1.15, < 0.5)
      bogo-ui
      slop (~> 3)
    bogo-config (0.2.2)
      attribute_struct
      bogo (>= 0.1.4, < 1.0)
      multi_json
      multi_xml
    bogo-ui (0.1.24)
      bogo
      command_line_reporter
      paint
    colored (1.2)
    command_line_reporter (3.3.6)
      colored (>= 1.2)
    concurrent-ruby (1.1.5)
    domain_name (0.5.20170404)
      unf (>= 0.0.5, < 1.0.0)
    graph (2.8.2)
    hash_symbolizer (1.0.1)
      activesupport
      rake
    hashdiff (0.2.3)
    hashie (3.5.5)
    http (1.0.4)
      addressable (~> 2.3)
      http-cookie (~> 1.0)
      http-form_data (~> 1.0.1)
      http_parser.rb (~> 0.6.0)
    http-cookie (1.0.3)
      domain_name (~> 0.5)
    http-form_data (1.0.3)
    http_parser.rb (0.6.0)
    i18n (1.7.0)
      concurrent-ruby (~> 1.0)
    infrastructure-sparkle-pack-aws-ecr (2.7.1)
      sfn
    infrastructure-sparkle-pack-aws-iam (1.15.0)
      sfn
      sprkl
    infrastructure-sparkle-pack-aws-s3 (4.4.0)
      infrastructure-sparkle-pack-aws-iam
      sfn
      sprkl
    infrastructure-sparkle-pack-aws-utils (2.9.1)
      aws-sdk-acm
      aws-sdk-core
      aws-sdk-ec2
      sfn
    jmespath (1.3.1)
    miasma (0.3.2)
      bogo (>= 0.2.2, < 1.0)
      http (>= 0.8.12, < 1.1)
      multi_json
      multi_xml
      xml-simple
    miasma-aws (0.3.8)
      miasma (>= 0.3.1, < 0.5)
    miasma-azure (0.1.4)
    miasma-google (0.1.0)
      miasma (>= 0.2.12)
      mime-types
    miasma-open-stack (0.1.4)
    miasma-rackspace (0.1.2)
      miasma-open-stack
    miasma-terraform (0.1.2)
    mime-types (3.1)
      mime-types-data (~> 3.2015)
    mime-types-data (3.2016.0521)
    minitest (5.12.2)
    multi_json (1.12.1)
    multi_xml (0.6.0)
    net-ssh (4.1.0)
    paint (2.0.0)
    public_suffix (2.0.5)
    rake (13.0.0)
    sfn (3.0.26)
      bogo-cli (>= 0.2.5, < 0.4)
      bogo-ui (>= 0.1.22, < 0.4)
      graph (~> 2.8.1)
      hashdiff (~> 0.2.2)
      jmespath
      miasma (>= 0.3.0, < 0.4)
      miasma-aws (>= 0.3.6, < 0.4)
      miasma-azure (>= 0.1.0, < 0.3)
      miasma-google (>= 0.1.0, < 0.3)
      miasma-open-stack (>= 0.1.0, < 0.3)
      miasma-rackspace (>= 0.1.0, < 0.3)
      miasma-terraform (>= 0.1.0, < 0.2.0)
      net-ssh
      sparkle_formation (>= 3.0.11, < 4)
    slop (3.6.0)
    sparkle_formation (3.0.24)
      attribute_struct (>= 0.3.5, < 0.5)
      bogo
      multi_json
    sprkl (0.4.1)
      hash_symbolizer
    thread_safe (0.3.6)
    tzinfo (1.2.5)
      thread_safe (~> 0.1)
    unf (0.1.4)
      unf_ext
    unf_ext (0.0.7.4)
    xml-simple (1.1.5)
    zeitwerk (2.2.0)

PLATFORMS
  ruby

DEPENDENCIES
  infrastructure-sparkle-pack-aws-ecr
  infrastructure-sparkle-pack-aws-s3 (= 4.4.0)
  infrastructure-sparkle-pack-aws-utils
  sfn

BUNDLED WITH
   1.17.3
